GEM
  remote: https://rubygems.org/
  specs:
    diff-lcs (1.2.4)
    dotenv (0.7.0)
    faraday (0.8.7)
      multipart-post (~> 1.1)
    fivemat (1.2.1)
    multi_json (1.7.3)
    multipart-post (1.2.0)
    nokogiri (1.5.9)
    rspec (2.13.0)
      rspec-core (~> 2.13.0)
      rspec-expectations (~> 2.13.0)
      rspec-mocks (~> 2.13.0)
    rspec-core (2.13.1)
    rspec-expectations (2.13.0)
      diff-lcs (>= 1.1.3, < 2.0)
    rspec-mocks (2.13.1)
    simple_oauth (0.2.0)
    twitter (4.6.2)
      faraday (~> 0.8, < 0.10)
      multi_json (~> 1.0)
      simple_oauth (~> 0.2)

PLATFORMS
  ruby

DEPENDENCIES
  dotenv
  fivemat
  nokogiri
  rspec
  twitter
